GEM
  remote: http://rubygems.org/
  specs:
    constructor (2.0.0)
    deep_merge (1.2.2)
    diff-lcs (1.5.1)
    diy (1.1.2)
      constructor (>= 1.0.0)
    rake (13.2.1)
    require_all (3.0.0)
    rr (3.1.0)
    rspec (3.13.0)
      rspec-core (~> 3.13.0)
      rspec-expectations (~> 3.13.0)
      rspec-mocks (~> 3.13.0)
    rspec-core (3.13.0)
      rspec-support (~> 3.13.0)
    rspec-expectations (3.13.0)
      diff-lcs (>= 1.2.0, < 2.0)
      rspec-support (~> 3.13.0)
    rspec-mocks (3.13.0)
      diff-lcs (>= 1.2.0, < 2.0)
      rspec-support (~> 3.13.0)
    rspec-support (3.13.1)
    thor (1.3.1)
    unicode-display_width (2.5.0)

PLATFORMS
  x86_64-darwin-22

DEPENDENCIES
  bundler
  constructor
  deep_merge
  diy
  rake
  require_all
  rr
  rspec (~> 3.8)
  thor
  unicode-display_width

BUNDLED WITH
   2.4.17
